GEM
  remote: https://rubygems.org/
  specs:
    backports (3.15.0)
    bcrypt (3.1.13)
    debugger-ruby_core_source (1.3.8)
    multi_json (1.13.1)
    mustermann (1.0.3)
    mysql2 (0.5.2)
    mysql2-cs-bind (0.0.7)
      mysql2
    nio4r (2.5.1)
    puma (4.1.0)
      nio4r (~> 2.0)
    rack (2.0.7)
    rack-lineprof (0.0.4)
      rack (>= 1.5)
      rblineprof (~> 0.3.6)
      term-ansicolor (~> 1.3)
    rack-protection (2.0.7)
      rack
    rblineprof (0.3.7)
      debugger-ruby_core_source (~> 1.3)
    sinatra (2.0.7)
      mustermann (~> 1.0)
      rack (~> 2.0)
      rack-protection (= 2.0.7)
      tilt (~> 2.0)
    sinatra-contrib (2.0.7)
      backports (>= 2.8.2)
      multi_json
      mustermann (~> 1.0)
      rack-protection (= 2.0.7)
      sinatra (= 2.0.7)
      tilt (~> 2.0)
    sync (0.5.0)
    term-ansicolor (1.7.1)
      tins (~> 1.0)
    tilt (2.0.9)
    tins (1.29.1)
      sync

PLATFORMS
  ruby

DEPENDENCIES
  bcrypt
  mysql2
  mysql2-cs-bind
  puma
  rack-lineprof
  sinatra
  sinatra-contrib

BUNDLED WITH
   2.0.1
